GEM
  remote: http://rubygems.org/
  specs:
    POpen4 (0.1.4)
      Platform (>= 0.4.0)
      open4
    Platform (0.4.0)
    artii (2.0.3)
    html_mockup (0.6.3)
      rack (>= 1.0.0)
      thor (~> 0.16.0)
      tilt
    open4 (1.3.0)
    rack (1.4.1)
    sass (3.2.3)
    thor (0.16.0)
    tilt (1.3.3)
    yui-compressor (0.9.6)
      POpen4 (>= 0.1.4)

PLATFORMS
  ruby

DEPENDENCIES
  artii
  html_mockup
  sass
  yui-compressor
