GEM
  remote: http://rubygems.org/
  specs:
    html_mockup (0.6.3)
      rack (>= 1.0.0)
      thor (~> 0.16.0)
      tilt
    rack (1.4.1)
    sass (3.2.3)
    thor (0.16.0)
    tilt (1.3.3)

PLATFORMS
  ruby

DEPENDENCIES
  html_mockup
  sass
