GEM
  remote: http://rubygems.org/
  specs:
    html_mockup (0.6.3)
    sass (3.2.3)

PLATFORMS
  ruby

DEPENDENCIES
  html_mockup
  sass
